GEM
  remote: http://rubygems.org/
  specs:
    chunky_png (1.2.5)
    compass (0.11.6)
      chunky_png (~> 1.2)
      fssm (>= 0.2.7)
      sass (~> 3.1)
    fssm (0.2.7)
    grid-coordinates (1.2.0)
      compass (>= 0.11.5)
    haml (3.1.4)
    rack (1.4.0)
    rack-protection (1.2.0)
      rack
    rake (0.9.2.2)
    sass (3.1.12)
    shotgun (0.9)
      rack (>= 1.0)
    sinatra (1.3.2)
      rack (~> 1.3, >= 1.3.6)
      rack-protection (~> 1.2)
      tilt (~> 1.3, >= 1.3.3)
    tilt (1.3.3)

PLATFORMS
  ruby

DEPENDENCIES
  compass
  grid-coordinates
  haml
  rake
  sass
  shotgun
  sinatra
